GEM
  remote: https://rubygems.org/
  specs:
    backports (3.10.3)
    commonmarker (0.17.5)
      ruby-enum (~> 0.5)
    concurrent-ruby (1.0.5)
    github-markup (1.6.1)
    i18n (0.9.1)
      concurrent-ruby (~> 1.0)
    multi_json (1.12.2)
    mustermann (1.0.1)
    rack (2.0.3)
    rack-protection (2.0.0)
      rack
    ruby-enum (0.7.1)
      i18n
    sinatra (2.0.0)
      mustermann (~> 1.0)
      rack (~> 2.0)
      rack-protection (= 2.0.0)
      tilt (~> 2.0)
    sinatra-contrib (2.0.0)
      backports (>= 2.0)
      multi_json
      mustermann (~> 1.0)
      rack-protection (= 2.0.0)
      sinatra (= 2.0.0)
      tilt (>= 1.3, < 3)
    tilt (2.0.8)

PLATFORMS
  ruby

DEPENDENCIES
  commonmarker
  github-markup
  sinatra
  sinatra-contrib

BUNDLED WITH
   1.16.0
